GIT
  remote: https://github.com/rapid7/omnibus
  revision: 3a2d7755a6179dbce07c59488fb9404a83e323a5
  branch: r7_working
  specs:
    omnibus (5.6.12)
      aws-sdk (~> 2)
      chef-sugar (~> 3.3)
      cleanroom (~> 1.0)
      ffi-yajl (~> 2.2)
      license_scout (~> 1.0)
      mixlib-shellout (~> 2.0)
      mixlib-versioning
      ohai (>= 8.6.0.alpha.1, < 15)
      pedump
      ruby-progressbar (~> 1.7)
      thor (~> 0.18)

GEM
  remote: https://rubygems.org/
  specs:
    addressable (2.3.8)
    awesome_print (1.8.0)
    aws-sdk (2.11.202)
      aws-sdk-resources (= 2.11.202)
    aws-sdk-core (2.11.202)
      aws-sigv4 (~> 1.0)
      jmespath (~> 1.0)
    aws-sdk-resources (2.11.202)
      aws-sdk-core (= 2.11.202)
    aws-sigv4 (1.0.3)
    chef-config (14.8.12)
      addressable
      fuzzyurl
      mixlib-config (>= 2.2.12, < 3.0)
      mixlib-shellout (~> 2.0)
      tomlrb (~> 1.2)
    chef-sugar (3.6.0)
    citrus (3.0.2)
    cleanroom (1.0.0)
    ffi (1.10.0)
    ffi-yajl (2.3.1)
      libyajl2 (~> 1.2)
    fuzzyurl (0.9.0)
    iostruct (0.0.4)
    ipaddress (0.8.3)
    jmespath (1.4.0)
    libyajl2 (1.2.0)
    license_scout (1.0.20)
      ffi-yajl (~> 2.2)
      mixlib-shellout (~> 2.2)
      toml-rb (~> 1.0)
    mixlib-cli (2.0.1)
    mixlib-config (2.2.18)
      tomlrb
    mixlib-log (2.0.9)
    mixlib-shellout (2.4.4)
    mixlib-versioning (1.2.7)
    multipart-post (2.0.0)
    nio4r (1.2.1)
    ohai (14.8.10)
      chef-config (>= 12.8, < 15)
      ffi (~> 1.9)
      ffi-yajl (~> 2.2)
      ipaddress
      mixlib-cli (>= 1.7.0)
      mixlib-config (~> 2.0)
      mixlib-log (~> 2.0, >= 2.0.1)
      mixlib-shellout (~> 2.0)
      plist (~> 3.1)
      systemu (~> 2.6.4)
      wmi-lite (~> 1.0)
    pedump (0.5.2)
      awesome_print
      iostruct (>= 0.0.4)
      multipart-post (~> 2.0.0)
      progressbar
      zhexdump (>= 0.0.2)
    plist (3.5.0)
    progressbar (1.10.0)
    ruby-progressbar (1.10.0)
    systemu (2.6.5)
    thor (0.20.3)
    toml-rb (1.1.2)
      citrus (~> 3.0, > 3.0)
    tomlrb (1.2.8)
    wmi-lite (1.0.1)
    zhexdump (0.0.2)

PLATFORMS
  ruby

DEPENDENCIES
  nio4r (~> 1.2.1)
  omnibus!

BUNDLED WITH
   1.15.0
